GIT
  remote: git://github.com/plu/simctl.git
  revision: 4e058d7a49f382a0f0658c7443a7bb4d0a7c0c5d
  specs:
    simctl (1.5.0)
      CFPropertyList

GEM
  remote: https://rubygems.org/
  specs:
    CFPropertyList (2.3.2)
    rake (11.1.2)

PLATFORMS
  ruby

DEPENDENCIES
  rake
  simctl!

BUNDLED WITH
   1.11.2
