GEM
  remote: https://rubygems.org/
  specs:
    rake (10.5.0)
    simctl (1.0.1)

PLATFORMS
  ruby

DEPENDENCIES
  rake
  simctl
